PATH
  remote: .
  specs:
    synapse_ui (0.1.6)
      meta-tags
      ransack
      sitemap_generator
      will_paginate

GEM
  remote: https://rubygems.org/
  specs:
    actionpack (6.1.4.1)
      actionview (= 6.1.4.1)
      activesupport (= 6.1.4.1)
      rack (~> 2.0, >= 2.0.9)
      rack-test (>= 0.6.3)
      rails-dom-testing (~> 2.0)
      rails-html-sanitizer (~> 1.0, >= 1.2.0)
    actionview (6.1.4.1)
      activesupport (= 6.1.4.1)
      builder (~> 3.1)
      erubi (~> 1.4)
      rails-dom-testing (~> 2.0)
      rails-html-sanitizer (~> 1.1, >= 1.2.0)
    activemodel (6.1.4.1)
      activesupport (= 6.1.4.1)
    activerecord (6.1.4.1)
      activemodel (= 6.1.4.1)
      activesupport (= 6.1.4.1)
    activesupport (6.1.4.1)
      concurrent-ruby (~> 1.0, >= 1.0.2)
      i18n (>= 1.6, < 2)
      minitest (>= 5.1)
      tzinfo (~> 2.0)
      zeitwerk (~> 2.3)
    builder (3.2.4)
    concurrent-ruby (1.1.9)
    crass (1.0.6)
    erubi (1.10.0)
    i18n (1.8.10)
      concurrent-ruby (~> 1.0)
    loofah (2.12.0)
      crass (~> 1.0.2)
      nokogiri (>= 1.5.9)
    meta-tags (2.15.0)
      actionpack (>= 3.2.0, < 6.2)
    mini_portile2 (2.6.1)
    minitest (5.14.4)
    nokogiri (1.12.3)
      mini_portile2 (~> 2.6.1)
      racc (~> 1.4)
    racc (1.5.2)
    rack (2.2.3)
    rack-test (1.1.0)
      rack (>= 1.0, < 3)
    rails-dom-testing (2.0.3)
      activesupport (>= 4.2.0)
      nokogiri (>= 1.6)
    rails-html-sanitizer (1.4.2)
      loofah (~> 2.3)
    rake (10.5.0)
    ransack (2.4.2)
      activerecord (>= 5.2.4)
      activesupport (>= 5.2.4)
      i18n
    sitemap_generator (6.1.0)
      builder (~> 3.0)
    tzinfo (2.0.4)
      concurrent-ruby (~> 1.0)
    will_paginate (3.3.0)
    zeitwerk (2.4.2)

PLATFORMS
  ruby

DEPENDENCIES
  bundler (~> 1.16)
  rake (~> 10.0)
  synapse_ui!

BUNDLED WITH
   1.17.2
